GEM
  remote: https://rubygems.org/
  specs:
    docile (1.3.5)
    minitest (5.14.3)
    simplecov (0.21.2)
      docile (~> 1.1)
      simplecov-html (~> 0.11)
      simplecov_json_formatter (~> 0.1)
    simplecov-html (0.12.3)
    simplecov_json_formatter (0.1.2)
    terminal-table (3.0.0)
      unicode-display_width (~> 1.1, >= 1.1.1)
    unicode-display_width (1.7.0)

PLATFORMS
  ruby

DEPENDENCIES
  minitest
  simplecov
  terminal-table

RUBY VERSION
   ruby 2.6.3p62

BUNDLED WITH
   2.1.0
